GEM
  remote: https://rubygems.org/
  specs:
    bigdecimal (3.1.6)
    coderay (1.1.3)
    colorize (1.1.0)
    dotenv (3.1.0)
    excon (0.109.0)
    method_source (1.0.0)
    mysql2 (0.5.6)
    nokogiri (1.16.2-aarch64-linux)
      racc (~> 1.4)
    nokogiri (1.16.2-arm-linux)
      racc (~> 1.4)
    nokogiri (1.16.2-arm64-darwin)
      racc (~> 1.4)
    nokogiri (1.16.2-x86-linux)
      racc (~> 1.4)
    nokogiri (1.16.2-x86_64-darwin)
      racc (~> 1.4)
    nokogiri (1.16.2-x86_64-linux)
      racc (~> 1.4)
    pry (0.14.2)
      coderay (~> 1.1)
      method_source (~> 1.0)
    racc (1.7.3)
    rake (13.1.0)
    ruby-progressbar (1.13.0)
    rufo (0.17.1)
    sequel (5.78.0)
      bigdecimal
    values (1.8.0)
    zlib (3.1.0)

PLATFORMS
  aarch64-linux
  arm-linux
  arm64-darwin
  x86-linux
  x86_64-darwin
  x86_64-linux

DEPENDENCIES
  colorize
  dotenv
  excon
  mysql2
  nokogiri
  pry
  rake
  ruby-progressbar
  rufo
  sequel
  values
  zlib

RUBY VERSION
   ruby 3.2.2p53

BUNDLED WITH
   2.5.5
